PATH
  remote: .
  specs:
    pi-helpers (0.1.5)
      es-http-client (~> 0.2)
      es-readmodel (~> 1)
      faraday (~> 0.15)
      json (~> 2.1)
      jwt (~> 2.1)
      rack (~> 2.0)
      rspec (~> 3.7)
      uuidtools (~> 2)

GEM
  remote: http://rubygems.org/
  specs:
    diff-lcs (1.3)
    docile (1.3.1)
    es-http-client (0.2.0)
      faraday (~> 0.13)
      faraday_middleware (~> 0.12)
      hashie (~> 3.5)
      json (~> 2.1)
      uuidtools (~> 2.1)
    es-readmodel (1.0.2)
      faraday (~> 0.13)
      faraday_middleware (~> 0.12)
      hashie (~> 3.5)
      json (~> 2.1)
      mustermann (~> 1.0)
      rack (~> 2.0)
    faraday (0.15.4)
      multipart-post (>= 1.2, < 3)
    faraday_middleware (0.13.1)
      faraday (>= 0.7.4, < 1.0)
    hashie (3.6.0)
    json (2.1.0)
    jwt (2.1.0)
    multipart-post (2.0.0)
    mustermann (1.0.3)
    rack (2.0.6)
    rspec (3.8.0)
      rspec-core (~> 3.8.0)
      rspec-expectations (~> 3.8.0)
      rspec-mocks (~> 3.8.0)
    rspec-core (3.8.0)
      rspec-support (~> 3.8.0)
    rspec-expectations (3.8.2)
      diff-lcs (>= 1.2.0, < 2.0)
      rspec-support (~> 3.8.0)
    rspec-mocks (3.8.0)
      diff-lcs (>= 1.2.0, < 2.0)
      rspec-support (~> 3.8.0)
    rspec-support (3.8.0)
    simplecov (0.16.1)
      docile (~> 1.1)
      json (>= 1.8, < 3)
      simplecov-html (~> 0.10.0)
    simplecov-html (0.10.2)
    uuidtools (2.1.5)

PLATFORMS
  ruby

DEPENDENCIES
  pi-helpers!
  simplecov

BUNDLED WITH
   1.17.1
